GIT
  remote: https://github.com/github/linguist.git
  revision: 887101eb64de18df02b4a6faae447f06fc1cbb52
  specs:
    linguist (1.0.0)
      charlock_holmes (~> 0.6.6)
      escape_utils (~> 0.2.3)
      mime-types (~> 1.16)
      pygments.rb (~> 0.2.7)

GEM
  remote: http://rubygems.org/
  specs:
    backports (2.3.0)
    blankslate (2.1.2.4)
    charlock_holmes (0.6.8)
    diff-lcs (1.1.3)
    escape_utils (0.2.4)
    eventmachine (0.12.10)
    ffi (1.0.11)
    grit (2.4.1)
      diff-lcs (~> 1.1)
      mime-types (~> 1.15)
    mime-types (1.17.2)
    pretty_diff (0.8.1)
    pygments.rb (0.2.7)
      rubypython (~> 0.5.3)
    rack (1.4.1)
    rack-protection (1.2.0)
      rack
    rack-test (0.6.1)
      rack (>= 1.0)
    rubypython (0.5.3)
      blankslate (>= 2.1.2.3)
      ffi (~> 1.0.7)
    shotgun (0.9)
      rack (>= 1.0)
    sinatra (1.3.2)
      rack (~> 1.3, >= 1.3.6)
      rack-protection (~> 1.2)
      tilt (~> 1.3, >= 1.3.3)
    sinatra-contrib (1.3.1)
      backports (>= 2.0)
      eventmachine
      rack-protection
      rack-test
      sinatra (~> 1.3.0)
      tilt (~> 1.3)
    tilt (1.3.3)

PLATFORMS
  ruby

DEPENDENCIES
  charlock_holmes
  grit
  linguist!
  pretty_diff
  pygments.rb
  shotgun
  sinatra (~> 1.3.2)
  sinatra-contrib
